GEM
  remote: https://rubygems.org/
  specs:
    oauth (0.4.7)
    rake (10.4.2)

PLATFORMS
  ruby

DEPENDENCIES
  oauth (~> 0.4.7)
  rake (~> 10.4.2)

BUNDLED WITH
   1.10.6
